GEM
  remote: https://rubygems.org/
  specs:
    coderay (1.1.2)
    crass (1.0.2)
    diff-lcs (1.3)
    method_source (0.9.0)
    mini_portile (0.6.2)
    nokogiri (1.6.6.2)
      mini_portile (~> 0.6.0)
    nokogumbo (1.4.13)
      nokogiri
    pry (0.11.1)
      coderay (~> 1.1.0)
      method_source (~> 0.9.0)
    rspec (3.6.0)
      rspec-core (~> 3.6.0)
      rspec-expectations (~> 3.6.0)
      rspec-mocks (~> 3.6.0)
    rspec-core (3.6.0)
      rspec-support (~> 3.6.0)
    rspec-expectations (3.6.0)
      diff-lcs (>= 1.2.0, < 2.0)
      rspec-support (~> 3.6.0)
    rspec-mocks (3.6.0)
      diff-lcs (>= 1.2.0, < 2.0)
      rspec-support (~> 3.6.0)
    rspec-support (3.6.0)
    sanitize (4.5.0)
      crass (~> 1.0.2)
      nokogiri (>= 1.4.4)
      nokogumbo (~> 1.4.1)

PLATFORMS
  ruby

DEPENDENCIES
  nokogiri (= 1.6.6.2)
  pry
  rspec
  sanitize

BUNDLED WITH
   1.16.0.pre.3
